GEM
  specs:
    rack (2.0.4)
    shotgun (0.9.2)
      rack (>= 1.0)

PLATFORMS
  ruby

DEPENDENCIES
  shotgun

BUNDLED WITH
   1.16.2
